GEM
  remote: https://rubygems.org/
  specs:
    mime-types (2.2)
    rest-client (1.6.7)
      mime-types (>= 1.16)
    thor (0.19.1)

PLATFORMS
  ruby

DEPENDENCIES
  rest-client
  thor
